GEM
  remote: http://rubygems.org/
  specs:
    POpen4 (0.1.4)
      Platform (>= 0.4.0)
      open4
    Platform (0.4.0)
    classifier (1.3.3)
      fast-stemmer (>= 1.0.0)
    directory_watcher (1.4.1)
    fast-stemmer (1.0.2)
    jekyll (0.12.0)
      classifier (~> 1.3)
      directory_watcher (~> 1.1)
      kramdown (~> 0.13.4)
      liquid (~> 2.3)
      maruku (~> 0.5)
      pygments.rb (~> 0.3.2)
    jekyll-asset-pipeline (0.1.6)
      jekyll (~> 0.12)
      liquid (~> 2.4)
    kramdown (0.13.8)
    liquid (2.5.0)
    maruku (0.6.1)
      syntax (>= 1.0.0)
    open4 (1.3.0)
    posix-spawn (0.3.6)
    pygments.rb (0.3.7)
      posix-spawn (~> 0.3.6)
      yajl-ruby (~> 1.1.0)
    rake (10.0.3)
    syntax (1.0.0)
    yajl-ruby (1.1.0)
    yui-compressor (0.9.6)
      POpen4 (>= 0.1.4)

PLATFORMS
  ruby

DEPENDENCIES
  jekyll (= 0.12.0)
  jekyll-asset-pipeline (= 0.1.6)
  rake (= 10.0.3)
  yui-compressor (= 0.9.6)
